PATH
  remote: .
  specs:
    ci-tools (0.0.0)
      patron (= 0.4.9)

GEM
  remote: http://rubygems.org/
  specs:
    addressable (2.2.6)
    columnize (0.3.2)
    crack (0.1.8)
    diff-lcs (1.1.2)
    linecache (0.43)
    patron (0.4.9)
    rspec (2.6.0)
      rspec-core (~> 2.6.0)
      rspec-expectations (~> 2.6.0)
      rspec-mocks (~> 2.6.0)
    rspec-core (2.6.3)
    rspec-expectations (2.6.0)
      diff-lcs (~> 1.1.2)
    rspec-mocks (2.6.0)
    ruby-debug (0.10.4)
      columnize (>= 0.1)
      ruby-debug-base (~> 0.10.4.0)
    ruby-debug-base (0.10.4)
      linecache (>= 0.3)
    webmock (1.6.4)
      addressable (~> 2.2, > 2.2.5)
      crack (>= 0.1.7)

PLATFORMS
  ruby

DEPENDENCIES
  ci-tools!
  rspec (= 2.6.0)
  ruby-debug
  webmock
